NUGET
  remote: https://www.nuget.org/api/v2
  specs:
    Autofac (4.0.0-rc1-177) - framework: >= net451, dnxcore50
      System.Collections (>= 4.0.11-beta-23516) - framework: dnxcore50
      System.Collections.Concurrent (>= 4.0.11-beta-23516) - framework: dnxcore50, winv4.5
      System.ComponentModel (>= 4.0.1-beta-23516) - framework: dnxcore50, winv4.5
      System.Diagnostics.Debug (>= 4.0.11-beta-23516) - framework: dnxcore50, winv4.5
      System.Diagnostics.Tools (>= 4.0.1-beta-23516) - framework: dnxcore50, winv4.5
      System.Globalization (>= 4.0.11-beta-23516) - framework: dnxcore50, winv4.5
      System.Linq (>= 4.0.1-beta-23516) - framework: dnxcore50, winv4.5
      System.Linq.Expressions (>= 4.0.11-beta-23516) - framework: dnxcore50, winv4.5
      System.Reflection (>= 4.1.0-beta-23516) - framework: dnxcore50, winv4.5
      System.Reflection.Extensions (>= 4.0.1-beta-23516) - framework: dnxcore50, winv4.5
      System.Reflection.Primitives (>= 4.0.1-beta-23516) - framework: dnxcore50, winv4.5
      System.Resources.ResourceManager (>= 4.0.1-beta-23516) - framework: dnxcore50, winv4.5
      System.Runtime (>= 4.0.21-beta-23516) - framework: dnxcore50, winv4.5
      System.Threading (>= 4.0.11-beta-23516) - framework: dnxcore50, winv4.5
      System.Threading.Tasks (>= 4.0.11-beta-23516) - framework: dnxcore50
    Autofac.Extensions.DependencyInjection (4.0.0-rc1-177)
      Autofac (>= 4.0.0-rc1-177) - framework: >= net451, dnxcore50
      Microsoft.Extensions.DependencyInjection.Abstractions (>= 1.0.0-rc1-final) - framework: >= net451, dnxcore50
      System.Collections (>= 4.0.11-beta-23516) - framework: dnxcore50
      System.Diagnostics.Contracts (>= 4.0.1-beta-23516) - framework: dnxcore50
      System.Runtime (>= 4.0.21-beta-23516) - framework: dnxcore50
      System.Threading.Tasks (>= 4.0.11-beta-23516) - framework: dnxcore50
  remote: https://www.myget.org/F/aspnetvnext
  specs:
    Microsoft.Extensions.DependencyInjection.Abstractions (1.0.0-rc3-20550) - framework: >= net451, dnxcore50
      System.ComponentModel (>= 4.0) - framework: dnxcore50
      System.ComponentModel (>= 4.0.1-rc2-24008)
      System.Diagnostics.Debug (>= 4.0.10) - framework: dnxcore50
      System.Diagnostics.Debug (>= 4.0.11-rc2-24008)
      System.Globalization (>= 4.0.10) - framework: dnxcore50
      System.Globalization (>= 4.0.11-rc2-24008)
      System.Linq (>= 4.0) - framework: dnxcore50
      System.Linq (>= 4.1.0-rc2-24008)
      System.Linq.Expressions (>= 4.0.10) - framework: dnxcore50
      System.Linq.Expressions (>= 4.0.11-rc2-24008)
      System.Reflection (>= 4.0.10) - framework: dnxcore50
      System.Reflection (>= 4.1.0-rc2-24008)
      System.Resources.ResourceManager (>= 4.0) - framework: dnxcore50
      System.Resources.ResourceManager (>= 4.0.1-rc2-24008)
    System.Collections (4.0.11-rc2-24008) - framework: dnxcore50
      System.Runtime (>= 4.1.0-rc2-24008) - framework: dnxcore50
    System.Collections.Concurrent (4.0.12-rc2-24008) - framework: dnxcore50
      System.Collections (>= 4.0.11-rc2-24008) - framework: dnxcore50
      System.Diagnostics.Debug (>= 4.0.11-rc2-24008) - framework: dnxcore50
      System.Diagnostics.Tracing (>= 4.1.0-rc2-24008) - framework: dnxcore50
      System.Globalization (>= 4.0.11-rc2-24008) - framework: dnxcore50
      System.Resources.ResourceManager (>= 4.0.1-rc2-24008) - framework: dnxcore50
      System.Runtime (>= 4.1.0-rc2-24008) - framework: dnxcore50
      System.Runtime.Extensions (>= 4.1.0-rc2-24008) - framework: dnxcore50
      System.Threading (>= 4.0.11-rc2-24008) - framework: dnxcore50
      System.Threading.Tasks (>= 4.0.11-rc2-24008) - framework: dnxcore50
    System.ComponentModel (4.0.1-rc2-24008) - framework: >= net451, dnxcore50
      System.Runtime (>= 4.1.0-rc2-24008) - framework: dnxcore50
    System.Diagnostics.Contracts (4.0.1-rc2-24008) - framework: dnxcore50
      System.Runtime (>= 4.1.0-rc2-24008) - framework: dnxcore50
    System.Diagnostics.Debug (4.0.11-rc2-24008) - framework: dnxcore50
      System.Runtime (>= 4.1.0-rc2-24008) - framework: dnxcore50
    System.Diagnostics.Tools (4.0.1-rc2-24008) - framework: dnxcore50
      System.Runtime (>= 4.1.0-rc2-24008) - framework: dnxcore50
    System.Diagnostics.Tracing (4.1.0-rc2-24008) - framework: dnxcore50
      System.Runtime (>= 4.1.0-rc2-24008) - framework: dnxcore50
    System.Globalization (4.0.11-rc2-24008) - framework: >= net451, dnxcore50
      System.Runtime (>= 4.1.0-rc2-24008) - framework: dnxcore50
    System.IO (4.1.0-rc2-24008) - framework: dnxcore50
      System.Runtime (>= 4.1.0-rc2-24008) - framework: dnxcore50
      System.Text.Encoding (>= 4.0.11-rc2-24008) - framework: dnxcore50
      System.Threading.Tasks (>= 4.0.11-rc2-24008) - framework: dnxcore50
    System.Linq (4.1.0-rc2-24008) - framework: >= net451, dnxcore50
      System.Collections (>= 4.0.11-rc2-24008) - framework: dnxcore50
      System.Diagnostics.Debug (>= 4.0.11-rc2-24008) - framework: dnxcore50
      System.Resources.ResourceManager (>= 4.0.1-rc2-24008) - framework: dnxcore50
      System.Runtime (>= 4.1.0-rc2-24008) - framework: dnxcore50
      System.Runtime.Extensions (>= 4.1.0-rc2-24008) - framework: dnxcore50
    System.Linq.Expressions (4.0.11-rc2-24008) - framework: dnxcore50
      System.Collections (>= 4.0.11-rc2-24008) - framework: dnxcore50
      System.Diagnostics.Debug (>= 4.0.11-rc2-24008) - framework: dnxcore50
      System.Globalization (>= 4.0.11-rc2-24008) - framework: dnxcore50
      System.IO (>= 4.1.0-rc2-24008) - framework: dnxcore50
      System.Linq (>= 4.1.0-rc2-24008) - framework: dnxcore50
      System.Reflection (>= 4.1.0-rc2-24008) - framework: dnxcore50
      System.Reflection.Emit.ILGeneration (>= 4.0.1-rc2-24008) - framework: dnxcore50
      System.Reflection.Emit.Lightweight (>= 4.0.1-rc2-24008) - framework: dnxcore50
      System.Reflection.Extensions (>= 4.0.1-rc2-24008) - framework: dnxcore50
      System.Reflection.Primitives (>= 4.0.1-rc2-24008) - framework: dnxcore50
      System.Reflection.TypeExtensions (>= 4.1.0-rc2-24008) - framework: dnxcore50
      System.Resources.ResourceManager (>= 4.0.1-rc2-24008) - framework: dnxcore50
      System.Runtime (>= 4.1.0-rc2-24008) - framework: dnxcore50
      System.Runtime.Extensions (>= 4.1.0-rc2-24008) - framework: dnxcore50
      System.Threading (>= 4.0.11-rc2-24008) - framework: dnxcore50
    System.Reflection (4.1.0-rc2-24008) - framework: dnxcore50
      System.IO (>= 4.1.0-rc2-24008) - framework: dnxcore50
      System.Reflection.Primitives (>= 4.0.1-rc2-24008) - framework: dnxcore50
      System.Runtime (>= 4.1.0-rc2-24008) - framework: dnxcore50
    System.Reflection.Emit.ILGeneration (4.0.1-rc2-24008) - framework: dnxcore50
    System.Reflection.Emit.Lightweight (4.0.1-rc2-24008) - framework: dnxcore50
    System.Reflection.Extensions (4.0.1-rc2-24008) - framework: dnxcore50
      System.Reflection (>= 4.1.0-rc2-24008) - framework: dnxcore50
      System.Runtime (>= 4.1.0-rc2-24008) - framework: dnxcore50
    System.Reflection.Primitives (4.0.1-rc2-24008) - framework: dnxcore50
      System.Runtime (>= 4.1.0-rc2-24008) - framework: dnxcore50
    System.Reflection.TypeExtensions (4.1.0-rc2-24008) - framework: dnxcore50
      System.Diagnostics.Contracts (>= 4.0.1-rc2-24008) - framework: dnxcore50
      System.Diagnostics.Debug (>= 4.0.11-rc2-24008) - framework: dnxcore50
      System.Linq (>= 4.1.0-rc2-24008) - framework: dnxcore50
      System.Reflection (>= 4.1.0-rc2-24008) - framework: dnxcore50
      System.Reflection.Primitives (>= 4.0.1-rc2-24008) - framework: dnxcore50
      System.Resources.ResourceManager (>= 4.0.1-rc2-24008) - framework: dnxcore50
      System.Runtime (>= 4.1.0-rc2-24008) - framework: dnxcore50
      System.Runtime.Extensions (>= 4.1.0-rc2-24008) - framework: dnxcore50
    System.Resources.ResourceManager (4.0.1-rc2-24008) - framework: dnxcore50
      System.Globalization (>= 4.0.11-rc2-24008) - framework: dnxcore50
      System.Reflection (>= 4.1.0-rc2-24008) - framework: dnxcore50
      System.Runtime (>= 4.1.0-rc2-24008) - framework: dnxcore50
    System.Runtime (4.1.0-rc2-24008) - framework: dnxcore50
    System.Runtime.Extensions (4.1.0-rc2-24008) - framework: dnxcore50
      System.Runtime (>= 4.1.0-rc2-24008) - framework: dnxcore50
    System.Text.Encoding (4.0.11-rc2-24008) - framework: dnxcore50
      System.Runtime (>= 4.1.0-rc2-24008) - framework: dnxcore50
    System.Threading (4.0.11-rc2-24008) - framework: dnxcore50
      System.Runtime (>= 4.1.0-rc2-24008) - framework: dnxcore50
      System.Threading.Tasks (>= 4.0.11-rc2-24008) - framework: dnxcore50
    System.Threading.Tasks (4.0.11-rc2-24008) - framework: dnxcore50
      System.Runtime (>= 4.1.0-rc2-24008) - framework: dnxcore50
